PATH
  remote: .
  specs:
    double_decker (0.1.2)
      redis

GEM
  remote: https://www.rubygems.org/
  specs:
    diff-lcs (1.4.4)
    knapsack (1.20.0)
      rake
    rake (13.0.3)
    redis (4.2.5)
    rspec (3.10.0)
      rspec-core (~> 3.10.0)
      rspec-expectations (~> 3.10.0)
      rspec-mocks (~> 3.10.0)
    rspec-core (3.10.1)
      rspec-support (~> 3.10.0)
    rspec-expectations (3.10.1)
      diff-lcs (>= 1.2.0, < 2.0)
      rspec-support (~> 3.10.0)
    rspec-mocks (3.10.2)
      diff-lcs (>= 1.2.0, < 2.0)
      rspec-support (~> 3.10.0)
    rspec-support (3.10.2)

PLATFORMS
  x86_64-linux

DEPENDENCIES
  double_decker!
  knapsack
  rspec

BUNDLED WITH
   2.2.11
